GIT
  remote: https://github.com/Roman2K/utils-ruby.git
  revision: cefe6de1afe3805443d126a71f76e113a214260f
  specs:
    utils-ruby (0.1.0)

GEM
  remote: https://rubygems.org/
  specs:

PLATFORMS
  ruby

DEPENDENCIES
  utils-ruby!

BUNDLED WITH
   2.1.4
